GEM
  remote: https://rubygems.org/
  specs:
    atoulme-Antwrap (0.7.4)
      rjb (>= 1.0.3)
    atoulme-Antwrap (0.7.4-java)
    bouncy-castle-java (1.5.0147)
    builder (3.1.3)
    buildr (1.4.12)
      atoulme-Antwrap (~> 0.7.4)
      builder (= 3.1.3)
      bundler
      diff-lcs (= 1.1.3)
      highline (= 1.6.2)
      hoe (= 3.1.0)
      json_pure (= 1.7.5)
      minitar (= 0.5.3)
      net-sftp (= 2.0.5)
      net-ssh (= 2.6.0)
      rake (= 0.9.2.2)
      rjb (= 1.4.2)
      rspec (= 2.11.0)
      rspec-core (= 2.11.1)
      rspec-expectations (= 2.11.3)
      rspec-mocks (= 2.11.3)
      rubyforge (= 2.0.4)
      rubyzip (= 0.9.9)
      xml-simple (= 1.1.1)
    buildr (1.4.12-java)
      atoulme-Antwrap (~> 0.7.4)
      builder (= 3.1.3)
      bundler
      diff-lcs (= 1.1.3)
      highline (= 1.6.2)
      hoe (= 3.1.0)
      jruby-openssl (~> 0.8.2)
      json_pure (= 1.7.5)
      minitar (= 0.5.3)
      net-sftp (= 2.0.5)
      net-ssh (= 2.6.0)
      rake (= 0.9.2.2)
      rspec (= 2.11.0)
      rspec-core (= 2.11.1)
      rspec-expectations (= 2.11.3)
      rspec-mocks (= 2.11.3)
      rubyforge (= 2.0.4)
      rubyzip (= 0.9.9)
      xml-simple (= 1.1.1)
    diff-lcs (1.1.3)
    highline (1.6.2)
    hoe (3.1.0)
      rake (~> 0.8)
    jruby-openssl (0.8.8)
      bouncy-castle-java (>= 1.5.0147)
    jruby-pageant (1.1.1)
    jruby-pageant (1.1.1-java)
    json_pure (1.7.5)
    minitar (0.5.3)
    net-sftp (2.0.5)
      net-ssh (>= 2.0.9)
    net-ssh (2.6.0)
      jruby-pageant (>= 1.1.1)
    rake (0.9.2.2)
    rjb (1.4.2)
    rspec (2.11.0)
      rspec-core (~> 2.11.0)
      rspec-expectations (~> 2.11.0)
      rspec-mocks (~> 2.11.0)
    rspec-core (2.11.1)
    rspec-expectations (2.11.3)
      diff-lcs (~> 1.1.3)
    rspec-mocks (2.11.3)
    rubyforge (2.0.4)
      json_pure (>= 1.1.7)
    rubyzip (0.9.9)
    xml-simple (1.1.1)

PLATFORMS
  java
  ruby

DEPENDENCIES
  buildr (= 1.4.12)
